GEM
  remote: https://rubygems.org/
  specs:
    colorize (0.8.1)
    httpclient (2.8.3)

PLATFORMS
  ruby

DEPENDENCIES
  colorize
  httpclient

BUNDLED WITH
   1.14.6
