GEM
  remote: https://rubygems.org/
  specs:
    colorize (0.8.1)
    httpclient (2.8.3)
    json (2.1.0)

PLATFORMS
  ruby

DEPENDENCIES
  colorize
  httpclient
  json

BUNDLED WITH
   1.14.6
